GEM
  remote: https://rubygems.org/
  specs:
    actioncable (5.2.7)
      actionpack (= 5.2.7)
      nio4r (~> 2.0)
      websocket-driver (>= 0.6.1)
    actionmailer (5.2.7)
      actionpack (= 5.2.7)
      actionview (= 5.2.7)
      activejob (= 5.2.7)
      mail (~> 2.5, >= 2.5.4)
      rails-dom-testing (~> 2.0)
    actionpack (5.2.7)
      actionview (= 5.2.7)
      activesupport (= 5.2.7)
      rack (~> 2.0, >= 2.0.8)
      rack-test (>= 0.6.3)
      rails-dom-testing (~> 2.0)
      rails-html-sanitizer (~> 1.0, >= 1.0.2)
    actionview (5.2.7)
      activesupport (= 5.2.7)
      builder (~> 3.1)
      erubi (~> 1.4)
      rails-dom-testing (~> 2.0)
      rails-html-sanitizer (~> 1.0, >= 1.0.3)
    activejob (5.2.7)
      activesupport (= 5.2.7)
      globalid (>= 0.3.6)
    activemodel (5.2.7)
      activesupport (= 5.2.7)
    activerecord (5.2.7)
      activemodel (= 5.2.7)
      activesupport (= 5.2.7)
      arel (>= 9.0)
    activestorage (5.2.7)
      actionpack (= 5.2.7)
      activerecord (= 5.2.7)
      marcel (~> 1.0.0)
    activesupport (5.2.7)
      concurrent-ruby (~> 1.0, >= 1.0.2)
      i18n (>= 0.7, < 2)
      minitest (~> 5.1)
      tzinfo (~> 1.1)
    acts-as-taggable-on (8.1.0)
      activerecord (>= 5.0, < 6.2)
    addressable (2.8.0)
      public_suffix (>= 2.0.2, < 5.0)
    api-pagination (4.8.2)
    arel (9.0.0)
    ast (2.4.2)
    bcrypt (3.1.17)
    bootsnap (1.11.1)
      msgpack (~> 1.2)
    brakeman (5.2.2)
    builder (3.2.4)
    byebug (11.1.3)
    chronic (0.10.2)
    codecov (0.6.0)
      simplecov (>= 0.15, < 0.22)
    concurrent-ruby (1.1.10)
    connection_pool (2.2.5)
    crass (1.0.6)
    cronex (0.11.1)
      tzinfo
      unicode
    diff-lcs (1.5.0)
    docile (1.4.0)
    erubi (1.10.0)
    et-orbi (1.2.7)
      tzinfo
    factory_bot (6.2.1)
      activesupport (>= 5.0.0)
    factory_bot_rails (6.2.0)
      factory_bot (~> 6.2.0)
      railties (>= 5.0.0)
    fakeredis (0.8.0)
      redis (~> 4.1)
    ffi (1.15.5)
    foreman (0.87.2)
    fugit (1.5.3)
      et-orbi (~> 1, >= 1.2.7)
      raabro (~> 1.4)
    globalid (1.0.0)
      activesupport (>= 5.0)
    http_accept_language (2.1.1)
    httparty (0.20.0)
      mime-types (~> 3.0)
      multi_xml (>= 0.5.2)
    i18n (1.10.0)
      concurrent-ruby (~> 1.0)
    ice_cube (0.16.4)
    ice_cube_cron (1.3.0)
      activesupport
      ice_cube (~> 0.16.0)
    json-schema (2.8.1)
      addressable (>= 2.4)
    jwt (2.3.0)
    kaminari (1.2.2)
      activesupport (>= 4.1.0)
      kaminari-actionview (= 1.2.2)
      kaminari-activerecord (= 1.2.2)
      kaminari-core (= 1.2.2)
    kaminari-actionview (1.2.2)
      actionview
      kaminari-core (= 1.2.2)
    kaminari-activerecord (1.2.2)
      activerecord
      kaminari-core (= 1.2.2)
    kaminari-core (1.2.2)
    listen (3.1.5)
      rb-fsevent (~> 0.9, >= 0.9.4)
      rb-inotify (~> 0.9, >= 0.9.7)
      ruby_dep (~> 1.2)
    loofah (2.16.0)
      crass (~> 1.0.2)
      nokogiri (>= 1.5.9)
    mail (2.7.1)
      mini_mime (>= 0.1.1)
    marcel (1.0.2)
    method_source (1.0.0)
    mime-types (3.4.1)
      mime-types-data (~> 3.2015)
    mime-types-data (3.2022.0105)
    mini_mime (1.1.2)
    mini_portile2 (2.8.0)
    minitest (5.15.0)
    msgpack (1.5.1)
    multi_xml (0.6.0)
    mysql2 (0.5.3)
    nio4r (2.5.8)
    nokogiri (1.13.4)
      mini_portile2 (~> 2.8.0)
      racc (~> 1.4)
    oj (3.13.11)
    parallel (1.22.1)
    parser (3.1.1.0)
      ast (~> 2.4.1)
    public_suffix (4.0.7)
    puma (3.12.6)
    raabro (1.4.0)
    racc (1.6.0)
    rack (2.2.3)
    rack-test (1.1.0)
      rack (>= 1.0, < 3)
    rails (5.2.7)
      actioncable (= 5.2.7)
      actionmailer (= 5.2.7)
      actionpack (= 5.2.7)
      actionview (= 5.2.7)
      activejob (= 5.2.7)
      activemodel (= 5.2.7)
      activerecord (= 5.2.7)
      activestorage (= 5.2.7)
      activesupport (= 5.2.7)
      bundler (>= 1.3.0)
      railties (= 5.2.7)
      sprockets-rails (>= 2.0.0)
    rails-dom-testing (2.0.3)
      activesupport (>= 4.2.0)
      nokogiri (>= 1.6)
    rails-html-sanitizer (1.4.2)
      loofah (~> 2.3)
    railties (5.2.7)
      actionpack (= 5.2.7)
      activesupport (= 5.2.7)
      method_source
      rake (>= 0.8.7)
      thor (>= 0.19.0, < 2.0)
    rainbow (3.1.1)
    rake (13.0.6)
    rb-fsevent (0.11.1)
    rb-inotify (0.10.1)
      ffi (~> 1.0)
    redis (4.6.0)
    regexp_parser (2.3.0)
    rexml (3.2.5)
    rspec-core (3.11.0)
      rspec-support (~> 3.11.0)
    rspec-expectations (3.11.0)
      diff-lcs (>= 1.2.0, < 2.0)
      rspec-support (~> 3.11.0)
    rspec-mocks (3.11.1)
      diff-lcs (>= 1.2.0, < 2.0)
      rspec-support (~> 3.11.0)
    rspec-rails (4.0.2)
      actionpack (>= 4.2)
      activesupport (>= 4.2)
      railties (>= 4.2)
      rspec-core (~> 3.10)
      rspec-expectations (~> 3.10)
      rspec-mocks (~> 3.10)
      rspec-support (~> 3.10)
    rspec-support (3.11.0)
    rswag (2.5.1)
      rswag-api (= 2.5.1)
      rswag-specs (= 2.5.1)
      rswag-ui (= 2.5.1)
    rswag-api (2.5.1)
      railties (>= 3.1, < 7.1)
    rswag-specs (2.5.1)
      activesupport (>= 3.1, < 7.1)
      json-schema (~> 2.2)
      railties (>= 3.1, < 7.1)
    rswag-ui (2.5.1)
      actionpack (>= 3.1, < 7.1)
      railties (>= 3.1, < 7.1)
    rubocop (1.27.0)
      parallel (~> 1.10)
      parser (>= 3.1.0.0)
      rainbow (>= 2.2.2, < 4.0)
      regexp_parser (>= 1.8, < 3.0)
      rexml
      rubocop-ast (>= 1.16.0, < 2.0)
      ruby-progressbar (~> 1.7)
      unicode-display_width (>= 1.4.0, < 3.0)
    rubocop-ast (1.17.0)
      parser (>= 3.1.1.0)
    rubocop-rails (2.14.2)
      activesupport (>= 4.2.0)
      rack (>= 1.1)
      rubocop (>= 1.7.0, < 2.0)
    ruby-progressbar (1.11.0)
    ruby_dep (1.5.0)
    sidekiq (6.4.1)
      connection_pool (>= 2.2.2)
      rack (~> 2.0)
      redis (>= 4.2.0)
    sidekiq-cron (1.3.0)
      fugit (>= 1.1)
      sidekiq (>= 4.2.1)
    simple_command (0.1.0)
    simplecov (0.21.2)
      docile (~> 1.1)
      simplecov-html (~> 0.11)
      simplecov_json_formatter (~> 0.1)
    simplecov-html (0.12.3)
    simplecov_json_formatter (0.1.4)
    spring (2.1.1)
    spring-watcher-listen (2.0.1)
      listen (>= 2.7, < 4.0)
      spring (>= 1.2, < 3.0)
    sprockets (4.0.3)
      concurrent-ruby (~> 1.0)
      rack (> 1, < 3)
    sprockets-rails (3.4.2)
      actionpack (>= 5.2)
      activesupport (>= 5.2)
      sprockets (>= 3.0.0)
    thor (1.2.1)
    thread_safe (0.3.6)
    tzinfo (1.2.9)
      thread_safe (~> 0.1)
    unicode (0.4.4.4)
    unicode-display_width (2.1.0)
    websocket-driver (0.7.5)
      websocket-extensions (>= 0.1.0)
    websocket-extensions (0.1.5)

PLATFORMS
  ruby

DEPENDENCIES
  acts-as-taggable-on
  api-pagination
  bcrypt (~> 3.1.7)
  bootsnap (>= 1.4.2)
  brakeman
  byebug
  chronic
  codecov
  cronex
  factory_bot_rails
  fakeredis
  foreman
  fugit
  http_accept_language
  httparty
  ice_cube
  ice_cube_cron
  jwt
  kaminari
  listen (>= 3.0.5, < 3.2)
  mysql2 (>= 0.4.4)
  oj
  puma (~> 3.11)
  rails (~> 5.2.0)
  redis (~> 4.0)
  rspec-rails (~> 4.0.0.beta2)
  rswag
  rswag-api
  rswag-specs
  rswag-ui
  rubocop-rails
  sidekiq
  sidekiq-cron
  simple_command
  simplecov
  spring
  spring-watcher-listen (~> 2.0.0)

RUBY VERSION
   ruby 2.6.6p146

BUNDLED WITH
   2.1.4
